PATH
  remote: .
  specs:
    dummy_dropbox_sdk (0.0.13)
      dropbox-sdk (>= 1.1)

GEM
  remote: http://rubygems.org/
  specs:
    ansi (1.4.2)
    dropbox-sdk (1.3)
      json
    json (1.7.3)
    turn (0.9.5)
      ansi

PLATFORMS
  ruby

DEPENDENCIES
  bundler (>= 1.0.0.rc.6)
  dummy_dropbox_sdk!
  turn
