PATH
  remote: .
  specs:
    dummy_dropbox_sdk (0.0.11)
      dropbox-sdk (>= 1.1)

GEM
  remote: http://rubygems.org/
  specs:
    dropbox-sdk (1.1)
      json
    json (1.6.1)

PLATFORMS
  ruby

DEPENDENCIES
  bundler (>= 1.0.0.rc.6)
  dropbox-sdk (>= 1.1)
  dummy_dropbox_sdk!
